GIT
  remote: git://github.com/tlunter/app_deployer.git
  revision: be6dd511de502ce17b0a671908beb2edd8a015fc
  specs:
    app_deployer (0.0.1)
      activesupport
      docker-api (~> 1.22.2)
      excon (~> 0.45)
      net-ssh (~> 2.9.2)
      nokogiri (~> 1.6.4)
      thor (~> 0.19.1)

GEM
  remote: https://rubygems.org/
  specs:
    activesupport (4.2.4)
      i18n (~> 0.7)
      json (~> 1.7, >= 1.7.7)
      minitest (~> 5.1)
      thread_safe (~> 0.3, >= 0.3.4)
      tzinfo (~> 1.1)
    docker-api (1.22.4)
      excon (>= 0.38.0)
      json
    excon (0.45.4)
    i18n (0.7.0)
    json (1.8.3)
    mini_portile (0.6.2)
    minitest (5.8.1)
    net-ssh (2.9.2)
    nokogiri (1.6.6.2)
      mini_portile (~> 0.6.0)
    thor (0.19.1)
    thread_safe (0.3.5)
    tzinfo (1.2.2)
      thread_safe (~> 0.1)

PLATFORMS
  ruby

DEPENDENCIES
  app_deployer!

BUNDLED WITH
   1.10.5
