GEM
  remote: https://rubygems.org/
  specs:
    amtrak (1.0.1)
      excon (~> 0.41.0)
      nokogiri (~> 1.6.4)
    coderay (1.1.0)
    dalli (2.7.2)
    excon (0.41.0)
    json (1.8.2)
    kgio (2.9.2)
    method_source (0.8.2)
    mini_portile (0.6.2)
    nokogiri (1.6.6.2)
      mini_portile (~> 0.6.0)
    oboe (2.7.8.1)
      json
    pry (0.10.1)
      coderay (~> 1.1.0)
      method_source (~> 0.8.1)
      slop (~> 3.4)
    rack (1.5.2)
    rack-protection (1.5.3)
      rack
    raindrops (0.13.0)
    shotgun (0.9)
      rack (>= 1.0)
    sinatra (1.4.5)
      rack (~> 1.4)
      rack-protection (~> 1.4)
      tilt (~> 1.3, >= 1.3.4)
    slop (3.6.0)
    tilt (1.4.1)
    unicorn (4.8.3)
      kgio (~> 2.6)
      rack
      raindrops (~> 0.7)

PLATFORMS
  ruby

DEPENDENCIES
  amtrak (~> 1.0.1)
  dalli
  oboe
  pry
  shotgun
  sinatra
  unicorn
