GEM
  remote: https://rubygems.org/
  specs:
    amtrak (1.2.2)
      excon (~> 0.41.0)
      nokogiri (~> 1.6.4)
    coderay (1.1.0)
    connection_pool (2.2.0)
    excon (0.41.0)
    gcm (0.1.0)
      httparty
      json
    httparty (0.13.5)
      json (~> 1.8)
      multi_xml (>= 0.5.2)
    json (1.8.2)
    kgio (2.9.2)
    method_source (0.8.2)
    mini_portile (0.6.2)
    multi_json (1.11.2)
    multi_xml (0.5.5)
    nokogiri (1.6.6.2)
      mini_portile (~> 0.6.0)
    pry (0.10.1)
      coderay (~> 1.1.0)
      method_source (~> 0.8.1)
      slop (~> 3.4)
    rack (1.5.5)
    rack-protection (1.5.3)
      rack
    raindrops (0.13.0)
    redis (3.2.1)
    redis-objects (1.2.0)
      redis (>= 3.0.2)
    rollbar (1.5.3)
      multi_json (~> 1.3)
    shotgun (0.9)
      rack (>= 1.0)
    sinatra (1.4.6)
      rack (~> 1.4)
      rack-protection (~> 1.4)
      tilt (>= 1.3, < 3)
    slop (3.6.0)
    tilt (2.0.1)
    traceview (3.0.4)
      json
    unicorn (4.8.3)
      kgio (~> 2.6)
      rack
      raindrops (~> 0.7)

PLATFORMS
  ruby

DEPENDENCIES
  amtrak (~> 1.2)
  connection_pool
  gcm
  pry
  redis
  redis-objects
  rollbar (~> 1.5.0)
  shotgun
  sinatra
  traceview
  unicorn

BUNDLED WITH
   1.10.5
