GIT
  remote: git://github.com/guilleiguaran/fakeredis.git
  revision: 4560a0725f48c3cf7e7a423e07502f886cf7b03c
  specs:
    fakeredis (0.5.0)
      redis (~> 3.0)

GIT
  remote: git://github.com/tlunter/amtrak_gem.git
  revision: 93fbb061877d3b05624ef5cafd258efbecd4e696
  specs:
    amtrak (1.2.2)
      excon (~> 0.41.0)
      nokogiri (~> 1.6.4)

GIT
  remote: git://github.com/tlunter/oboe-ruby.git
  revision: 9bcdbbcb955d53c042aa54d5330655f3dae2e125
  branch: fix-excon-problem
  specs:
    traceview (3.0.4)
      json

GEM
  remote: https://rubygems.org/
  specs:
    activesupport (4.2.3)
      i18n (~> 0.7)
      json (~> 1.7, >= 1.7.7)
      minitest (~> 5.1)
      thread_safe (~> 0.3, >= 0.3.4)
      tzinfo (~> 1.1)
    clockwork (1.2.0)
      activesupport
      tzinfo
    coderay (1.1.0)
    connection_pool (2.2.0)
    diff-lcs (1.2.5)
    dogapi (1.19.0)
      multi_json
    excon (0.41.0)
    gcm (0.1.0)
      httparty
      json
    httparty (0.13.5)
      json (~> 1.8)
      multi_xml (>= 0.5.2)
    i18n (0.7.0)
    json (1.8.2)
    kgio (2.9.2)
    method_source (0.8.2)
    mini_portile (0.6.2)
    minitest (5.7.0)
    mono_logger (1.1.0)
    multi_json (1.11.2)
    multi_xml (0.5.5)
    nokogiri (1.6.6.2)
      mini_portile (~> 0.6.0)
    pry (0.10.1)
      coderay (~> 1.1.0)
      method_source (~> 0.8.1)
      slop (~> 3.4)
    rack (1.5.5)
    rack-protection (1.5.3)
      rack
    raindrops (0.13.0)
    rake (10.4.2)
    redis (3.2.1)
    redis-namespace (1.5.2)
      redis (~> 3.0, >= 3.0.4)
    redis-objects (1.2.0)
      redis (>= 3.0.2)
    resque (1.25.2)
      mono_logger (~> 1.0)
      multi_json (~> 1.0)
      redis-namespace (~> 1.3)
      sinatra (>= 0.9.2)
      vegas (~> 0.1.2)
    resque-rollbar (0.3.0)
      resque
      rollbar (>= 1.2)
    rollbar (1.5.3)
      multi_json (~> 1.3)
    rspec (3.2.0)
      rspec-core (~> 3.2.0)
      rspec-expectations (~> 3.2.0)
      rspec-mocks (~> 3.2.0)
    rspec-core (3.2.3)
      rspec-support (~> 3.2.0)
    rspec-expectations (3.2.1)
      diff-lcs (>= 1.2.0, < 2.0)
      rspec-support (~> 3.2.0)
    rspec-mocks (3.2.1)
      diff-lcs (>= 1.2.0, < 2.0)
      rspec-support (~> 3.2.0)
    rspec-support (3.2.2)
    shotgun (0.9)
      rack (>= 1.0)
    sinatra (1.4.6)
      rack (~> 1.4)
      rack-protection (~> 1.4)
      tilt (>= 1.3, < 3)
    slop (3.6.0)
    thread_safe (0.3.5)
    tilt (2.0.1)
    tzinfo (1.2.2)
      thread_safe (~> 0.1)
    unicorn (4.8.3)
      kgio (~> 2.6)
      rack
      raindrops (~> 0.7)
    uuidtools (2.1.4)
    vegas (0.1.11)
      rack (>= 1.0.0)

PLATFORMS
  ruby

DEPENDENCIES
  activesupport
  amtrak!
  clockwork
  connection_pool
  dogapi
  fakeredis!
  gcm
  pry
  rake
  redis
  redis-objects
  resque
  resque-rollbar
  rollbar (~> 1.5.0)
  rspec
  shotgun
  sinatra
  traceview!
  unicorn
  uuidtools

BUNDLED WITH
   1.10.5
