GIT
  remote: git://github.com/tlunter/rocker.git
  revision: 656772b8ad35f3638d4a87912e0d5bb03f54ffaf
  specs:
    rocker (0.0.1)
      docker-api (>= 1.23.0)

GEM
  remote: https://rubygems.org/
  specs:
    docker-api (1.28.0)
      excon (>= 0.38.0)
      json
    excon (0.49.0)
    json (1.8.3)

PLATFORMS
  ruby

DEPENDENCIES
  rocker!

BUNDLED WITH
   1.11.2
